GEM
  remote: http://ruby.taobao.org/
  specs:
    clockwork (0.5.0)
      tzinfo (~> 0.3.35)
    diff-lcs (1.2.1)
    grit (2.5.0)
      diff-lcs (~> 1.1)
      mime-types (~> 1.15)
      posix-spawn (~> 0.3.6)
    i18n (0.6.4)
    mail (2.5.3)
      i18n (>= 0.4.0)
      mime-types (~> 1.16)
      treetop (~> 1.4.8)
    mime-types (1.21)
    polyglot (0.3.3)
    posix-spawn (0.3.6)
    rack (1.5.2)
    rack-protection (1.5.0)
      rack
    sinatra (1.4.2)
      rack (~> 1.5, >= 1.5.2)
      rack-protection (~> 1.4)
      tilt (~> 1.3, >= 1.3.4)
    tilt (1.3.6)
    treetop (1.4.12)
      polyglot
      polyglot (>= 0.3.1)
    tzinfo (0.3.37)

PLATFORMS
  ruby

DEPENDENCIES
  clockwork
  grit
  mail
  sinatra
